GEM
  remote: http://rubygems.org/
  specs:
    moses (0.1.2)

PLATFORMS
  ruby

DEPENDENCIES
  moses (= 0.1.2)
